GEM
  remote: https://rubygems.org/
  remote: https://rails-assets.org/
  specs:
    actionmailer (4.2.5)
      actionpack (= 4.2.5)
      actionview (= 4.2.5)
      activejob (= 4.2.5)
      mail (~> 2.5, >= 2.5.4)
      rails-dom-testing (~> 1.0, >= 1.0.5)
    actionpack (4.2.5)
      actionview (= 4.2.5)
      activesupport (= 4.2.5)
      rack (~> 1.6)
      rack-test (~> 0.6.2)
      rails-dom-testing (~> 1.0, >= 1.0.5)
      rails-html-sanitizer (~> 1.0, >= 1.0.2)
    actionview (4.2.5)
      activesupport (= 4.2.5)
      builder (~> 3.1)
      erubis (~> 2.7.0)
      rails-dom-testing (~> 1.0, >= 1.0.5)
      rails-html-sanitizer (~> 1.0, >= 1.0.2)
    activejob (4.2.5)
      activesupport (= 4.2.5)
      globalid (>= 0.3.0)
    activemodel (4.2.5)
      activesupport (= 4.2.5)
      builder (~> 3.1)
    activerecord (4.2.5)
      activemodel (= 4.2.5)
      activesupport (= 4.2.5)
      arel (~> 6.0)
    activesupport (4.2.5)
      i18n (~> 0.7)
      json (~> 1.7, >= 1.7.7)
      minitest (~> 5.1)
      thread_safe (~> 0.3, >= 0.3.4)
      tzinfo (~> 1.1)
    angular-rails-templates (1.0.2)
      railties (>= 4.2, < 6)
      sprockets (>= 3.0, < 5)
      tilt
    arel (6.0.4)
    babel-source (5.8.35)
    babel-transpiler (0.7.0)
      babel-source (>= 4.0, < 6)
      execjs (~> 2.0)
    binding_of_caller (0.7.2)
      debug_inspector (>= 0.0.1)
    bson (4.2.1)
    bson_ext (1.5.1)
    builder (3.2.3)
    byebug (9.0.6)
    cancancan (1.16.0)
    chronic (0.10.2)
    coderay (1.1.1)
    coffee-rails (4.1.1)
      coffee-script (>= 2.2.0)
      railties (>= 4.0.0, < 5.1.x)
    coffee-script (2.4.1)
      coffee-script-source
      execjs
    coffee-script-source (1.12.2)
    concurrent-ruby (1.0.5)
    configliere (0.4.22)
      highline (= 1.5.2)
      multi_json (~> 1.10.1)
    connection_pool (2.2.1)
    daemons (1.2.4)
    debug_inspector (0.0.2)
    erubis (2.7.0)
    eventmachine (1.0.9.1)
    execjs (2.7.0)
    faraday (0.12.1)
      multipart-post (>= 1.2, < 3)
    faraday_middleware (0.11.0.1)
      faraday (>= 0.7.4, < 1.0)
    globalid (0.4.0)
      activesupport (>= 4.2.0)
    highline (1.5.2)
    i18n (0.8.1)
    jbuilder (2.6.3)
      activesupport (>= 3.0.0, < 5.2)
      multi_json (~> 1.2)
    jquery-rails (4.3.1)
      rails-dom-testing (>= 1, < 3)
      railties (>= 4.2.0)
      thor (>= 0.14, < 2.0)
    json (1.8.6)
    loofah (2.0.3)
      nokogiri (>= 1.5.9)
    mail (2.6.5)
      mime-types (>= 1.16, < 4)
    mailcatcher (0.6.5)
      eventmachine (= 1.0.9.1)
      mail (~> 2.3)
      rack (~> 1.5)
      sinatra (~> 1.2)
      skinny (~> 0.2.3)
      sqlite3 (~> 1.3)
      thin (~> 1.5.0)
    memoir (0.1.2)
      activesupport (~> 4.2)
      faraday (~> 0.9)
      faraday_middleware (~> 0.10)
      yell (~> 2.0)
    method_source (0.8.2)
    mime-types (3.1)
      mime-types-data (~> 3.2015)
    mime-types-data (3.2016.0521)
    mini_portile2 (2.1.0)
    minitest (5.10.1)
    mongo (2.4.1)
      bson (>= 4.2.1, < 5.0.0)
    mongoid (5.2.1)
      activemodel (~> 4.0)
      mongo (>= 2.4.1, < 3.0.0)
      origin (~> 2.3)
      tzinfo (>= 0.3.37)
    multi_json (1.10.1)
    multipart-post (2.0.0)
    nokogiri (1.7.1)
      mini_portile2 (~> 2.1.0)
    opennebula (4.14.2)
      json
      nokogiri
      rbvmomi
    origin (2.3.0)
    pry (0.10.4)
      coderay (~> 1.1.0)
      method_source (~> 0.8.1)
      slop (~> 3.4)
    rack (1.6.5)
    rack-parser (0.7.0)
      rack
    rack-protection (1.5.3)
      rack
    rack-test (0.6.3)
      rack (>= 1.0)
    rails (4.2.5)
      actionmailer (= 4.2.5)
      actionpack (= 4.2.5)
      actionview (= 4.2.5)
      activejob (= 4.2.5)
      activemodel (= 4.2.5)
      activerecord (= 4.2.5)
      activesupport (= 4.2.5)
      bundler (>= 1.3.0, < 2.0)
      railties (= 4.2.5)
      sprockets-rails
    rails-assets-angular (1.6.4)
    rails-assets-angular-animate (1.6.4)
      rails-assets-angular (= 1.6.4)
    rails-assets-angular-aria (1.6.4)
      rails-assets-angular (= 1.6.4)
    rails-assets-angular-gravatar (0.4.2)
      rails-assets-angular (>= 1.0.0, < 2.0.0)
    rails-assets-angular-material (1.1.4)
      rails-assets-angular (>= 1.4.8, < 2)
      rails-assets-angular-animate (>= 1.4.8, < 2)
      rails-assets-angular-aria (>= 1.4.8, < 2)
      rails-assets-angular-messages (>= 1.4.8, < 2)
    rails-assets-angular-material-icons (0.7.1)
      rails-assets-angular (> 1.3)
    rails-assets-angular-messages (1.6.4)
      rails-assets-angular (= 1.6.4)
    rails-assets-chance (0.8.0)
    rails-assets-change-case (2.3.0)
    rails-assets-highcharts (4.2.7)
    rails-assets-highcharts-ng (0.0.13)
    rails-assets-jquery (2.2.4)
    rails-assets-lodash (4.17.4)
    rails-assets-moment (2.18.1)
    rails-assets-restangular (1.6.1)
      rails-assets-angular (~> 1.0)
      rails-assets-lodash (~> 4.17.0)
    rails-assets-svg-morpheus (0.3.2)
    rails-assets-ui-router (0.4.2)
      rails-assets-angular (>= 1.0.8, < 2)
    rails-deprecated_sanitizer (1.0.3)
      activesupport (>= 4.2.0.alpha)
    rails-dom-testing (1.0.8)
      activesupport (>= 4.2.0.beta, < 5.0)
      nokogiri (~> 1.6)
      rails-deprecated_sanitizer (>= 1.0.1)
    rails-html-sanitizer (1.0.3)
      loofah (~> 2.0)
    railties (4.2.5)
      actionpack (= 4.2.5)
      activesupport (= 4.2.5)
      rake (>= 0.8.7)
      thor (>= 0.18.1, < 2.0)
    rake (12.0.0)
    rbvmomi (1.11.1)
      builder (~> 3.0)
      json (>= 1.8)
      nokogiri (~> 1.5)
      trollop (~> 2.1)
    rdoc (4.3.0)
    redis (3.3.3)
    redis-namespace (1.5.3)
      redis (~> 3.0, >= 3.0.4)
    rolify (5.1.0)
    sass (3.4.23)
    sass-rails (5.0.6)
      railties (>= 4.0.0, < 6)
      sass (~> 3.1)
      sprockets (>= 2.8, < 4.0)
      sprockets-rails (>= 2.0, < 4.0)
      tilt (>= 1.1, < 3)
    sdoc (0.4.2)
      json (~> 1.7, >= 1.7.7)
      rdoc (~> 4.0)
    sidekiq (4.2.10)
      concurrent-ruby (~> 1.0)
      connection_pool (~> 2.2, >= 2.2.0)
      rack-protection (>= 1.5.0)
      redis (~> 3.2, >= 3.2.1)
    sidekiq-status (0.6.0)
      sidekiq (>= 2.7)
    sinatra (1.4.8)
      rack (~> 1.5)
      rack-protection (~> 1.4)
      tilt (>= 1.3, < 3)
    skinny (0.2.4)
      eventmachine (~> 1.0.0)
      thin (>= 1.5, < 1.7)
    slim (3.0.7)
      temple (~> 0.7.6)
      tilt (>= 1.3.3, < 2.1)
    slim-rails (3.1.2)
      actionpack (>= 3.1)
      railties (>= 3.1)
      slim (~> 3.0)
    slop (3.6.0)
    spring (2.0.1)
      activesupport (>= 4.2)
    sprockets (3.6.0)
      concurrent-ruby (~> 1.0)
      rack (> 1, < 3)
    sprockets-es6 (0.9.2)
      babel-source (>= 5.8.11)
      babel-transpiler
      sprockets (>= 3.0.0)
    sprockets-rails (3.2.0)
      actionpack (>= 4.0)
      activesupport (>= 4.0)
      sprockets (>= 3.0.0)
    sqlite3 (1.3.13)
    temple (0.7.7)
    thin (1.5.1)
      daemons (>= 1.0.9)
      eventmachine (>= 0.12.6)
      rack (>= 1.0.0)
    thor (0.19.4)
    thread_safe (0.3.6)
    tilt (2.0.7)
    trollop (2.1.2)
    turbolinks (5.0.1)
      turbolinks-source (~> 5)
    turbolinks-source (5.0.0)
    tzinfo (1.2.3)
      thread_safe (~> 0.1)
    uglifier (3.2.0)
      execjs (>= 0.3.0, < 3)
    web-console (2.3.0)
      activemodel (>= 4.0)
      binding_of_caller (>= 0.7.2)
      railties (>= 4.0)
      sprockets-rails (>= 2.0, < 4.0)
    whenever (0.9.7)
      chronic (>= 0.6.3)
    yell (2.0.7)

PLATFORMS
  ruby

DEPENDENCIES
  angular-rails-templates
  bson_ext
  byebug
  cancancan (~> 1.10)
  coffee-rails (~> 4.1.0)
  configliere
  jbuilder (~> 2.0)
  jquery-rails
  mailcatcher
  memoir (~> 0.1)
  mongo (~> 2.3)
  mongoid (~> 5.1)
  opennebula (~> 4.14)
  pry
  rack-parser
  rails (= 4.2.5)
  rails-assets-angular (~> 1.5)!
  rails-assets-angular-animate (~> 1.5)!
  rails-assets-angular-aria (~> 1.5)!
  rails-assets-angular-gravatar (~> 0.4)!
  rails-assets-angular-material (>= 1.1.0.rc4)!
  rails-assets-angular-material-icons (~> 0.6)!
  rails-assets-angular-messages (~> 1.5)!
  rails-assets-chance (~> 0.8)!
  rails-assets-change-case (~> 2.3)!
  rails-assets-highcharts (~> 4.1)!
  rails-assets-highcharts-ng (~> 0.0)!
  rails-assets-jquery (~> 2.1)!
  rails-assets-lodash (~> 4.12)!
  rails-assets-moment (~> 2.13)!
  rails-assets-restangular (~> 1.5)!
  rails-assets-svg-morpheus (~> 0.1)!
  rails-assets-ui-router (~> 0.2)!
  redis-namespace
  rolify (~> 5.1)
  sass
  sass-rails (~> 5.0)
  sdoc (~> 0.4.0)
  sidekiq (~> 4.2)
  sidekiq-status
  slim-rails
  spring
  sprockets (= 3.6)
  sprockets-es6
  turbolinks
  uglifier (>= 1.3.0)
  web-console (~> 2.0)
  whenever (~> 0.9)
  yell

BUNDLED WITH
   1.14.4
